GEM
  remote: http://rubygems.org/
  specs:
    absolute_time (1.0.0)
    addressable (2.4.0)
    builder (3.2.2)
    curb (0.9.3)
    fastimage (2.0.0)
      addressable (~> 2)
    mime-types (2.6.2)
    mini_portile2 (2.1.0)
    mono_logger (1.1.0)
    multi_json (1.12.1)
    nokogiri (1.6.8)
      mini_portile2 (~> 2.1.0)
      pkg-config (~> 1.1.7)
    open4 (1.3.4)
    pkg-config (1.1.7)
    rack (1.6.4)
    rack-protection (1.5.3)
      rack
    redis (3.3.1)
    redis-namespace (1.5.2)
      redis (~> 3.0, >= 3.0.4)
    resque (1.26.0)
      mono_logger (~> 1.0)
      multi_json (~> 1.0)
      redis-namespace (~> 1.3)
      sinatra (>= 0.9.2)
      vegas (~> 0.1.2)
    rubyzip (1.2.0)
    sinatra (1.4.7)
      rack (~> 1.5)
      rack-protection (~> 1.4)
      tilt (>= 1.3, < 3)
    streamio-ffmpeg (2.1.0)
      multi_json (~> 1.8)
    tilt (2.0.5)
    trollop (2.1.2)
    vegas (0.1.11)
      rack (>= 1.0.0)

PLATFORMS
  ruby

DEPENDENCIES
  absolute_time
  builder
  curb
  fastimage
  mime-types (= 2.6.2)
  nokogiri
  open4
  redis
  resque
  rubyzip
  streamio-ffmpeg
  trollop

BUNDLED WITH
   1.12.5

